GEM
  remote: http://rubygems.org/
  specs:
    libv8 (3.16.14.3)
    rack (1.5.2)
    rack-protection (1.5.2)
      rack
    ref (1.0.5)
    sinatra (1.4.4)
      rack (~> 1.4)
      rack-protection (~> 1.4)
      tilt (~> 1.3, >= 1.3.4)
    therubyracer (0.12.1)
      libv8 (~> 3.16.14.0)
      ref
    tilt (1.4.1)

PLATFORMS
  ruby

DEPENDENCIES
  sinatra
  therubyracer
